GEM
  remote: http://rubygems.org/
  specs:
    activesupport (3.2.8)
      i18n (~> 0.6)
      multi_json (~> 1.0)
    addressable (2.3.2)
    amq-client (0.9.5)
      amq-protocol (>= 0.9.4)
      eventmachine
    amq-protocol (0.9.5)
    amqp (0.9.8)
      amq-client (~> 0.9.5)
      amq-protocol (>= 0.9.4)
      eventmachine
    em-websocket (0.3.8)
      addressable (>= 2.1.1)
      eventmachine (>= 0.12.9)
    eventmachine (1.0.0)
    i18n (0.6.1)
    json (1.7.5)
    macaddr (1.6.1)
      systemu (~> 2.5.0)
    multi_json (1.3.6)
    rack (1.4.1)
    rack-test (0.6.2)
      rack (>= 1.0)
    serve (1.5.1)
      activesupport (~> 3.0)
      i18n
      rack (~> 1.2)
      rack-test (~> 0.5)
      tilt (~> 1.3)
      tzinfo
    systemu (2.5.2)
    tilt (1.3.3)
    tzinfo (0.3.33)
    uuid (2.3.5)
      macaddr (~> 1.0)

PLATFORMS
  ruby

DEPENDENCIES
  amqp
  em-websocket
  eventmachine
  json
  serve
  uuid
